PATH
  remote: .
  specs:
    sru (0.0.9)
      libxml-ruby

GEM
  remote: https://rubygems.org/
  specs:
    addressable (2.2.8)
    crack (0.3.1)
    libxml-ruby (2.3.3)
    rake (0.9.2.2)
    redcarpet (3.5.1)
    vcr (2.2.4)
    webmock (1.8.8)
      addressable (~> 2.2.8)
      crack (>= 0.1.7)
    yard (0.8.2.1)

PLATFORMS
  ruby

DEPENDENCIES
  bundler (>= 1.1.4)
  rake
  redcarpet
  sru!
  vcr
  webmock
  yard
