PATH
  remote: .
  specs:
    sru (0.0.9)
      libxml-ruby

GEM
  remote: https://rubygems.org/
  specs:
    addressable (2.3.7)
    crack (0.4.2)
      safe_yaml (~> 1.0.0)
    libxml-ruby (2.8.0)
    power_assert (0.2.3)
    rake (10.4.2)
    redcarpet (3.2.2)
    safe_yaml (1.0.4)
    test-unit (3.0.9)
      power_assert
    vcr (2.9.3)
    webmock (1.20.4)
      addressable (>= 2.3.6)
      crack (>= 0.3.2)
    yard (0.8.7.6)

PLATFORMS
  ruby

DEPENDENCIES
  bundler (>= 1.1.4)
  rake
  redcarpet
  sru!
  test-unit
  vcr
  webmock
  yard
