PATH
  remote: .
  specs:
    sru (0.0.9)
      libxml-ruby

GEM
  remote: https://rubygems.org/
  specs:
    addressable (2.2.8)
    crack (0.4.3)
      safe_yaml (~> 1.0.0)
    libxml-ruby (2.3.3)
    rake (0.9.2.2)
    redcarpet (2.1.1)
    safe_yaml (1.0.5)
    vcr (2.2.4)
    webmock (1.8.8)
      addressable (~> 2.2.8)
      crack (>= 0.1.7)
    yard (0.9.20)

PLATFORMS
  ruby

DEPENDENCIES
  bundler (>= 1.1.4)
  rake
  redcarpet
  sru!
  vcr
  webmock
  yard
